GEM
  remote: https://rubygems.org/
  specs:
    chunky_png (1.3.11)
    mini_portile2 (2.4.0)
    nokogiri (1.10.4-x64-mingw32)
      mini_portile2 (~> 2.4.0)
    nokogiri (1.10.4-x86-mingw32)
      mini_portile2 (~> 2.4.0)
    oily_png (1.2.1)
      chunky_png (~> 1.3.7)
    qtbindings (4.8.6.4-x64-mingw32)
      qtbindings-qt (~> 4.8.6.0, >= 4.8.6.4)
    qtbindings (4.8.6.4-x86-mingw32)
      qtbindings-qt (~> 4.8.6.0, >= 4.8.6.4)
    qtbindings-qt (4.8.6.4-x64-mingw32)
    qtbindings-qt (4.8.6.4-x86-mingw32)
    rubyzip (1.2.3)
    unicode_japanese (0.3)

PLATFORMS
  x64-mingw32
  x86-mingw32

DEPENDENCIES
  nokogiri
  oily_png
  qtbindings (= 4.8.6.4)
  qtbindings-qt (= 4.8.6.4)
  rubyzip
  unicode_japanese

BUNDLED WITH
   2.0.1
