GEM
  remote: https://rubygems.org/
  specs:
    chunky_png (1.3.5)
    mini_portile2 (2.0.0)
    nokogiri (1.6.7.2-x86-mingw32)
      mini_portile2 (~> 2.0.0.rc2)
    oily_png (1.2.0)
      chunky_png (~> 1.3.1)
    qtbindings (4.8.6.2-x86-mingw32)
      qtbindings-qt (= 4.8.6)
    qtbindings-qt (4.8.6-x86-mingw32)

PLATFORMS
  x86-mingw32

DEPENDENCIES
  nokogiri
  oily_png
  qtbindings

BUNDLED WITH
   1.11.2
